GEM
  remote: http://rubygems.org/
  specs:
    activesupport (3.0.9)
    albino (1.3.3)
      posix-spawn (>= 0.3.6)
    classifier (1.3.3)
      fast-stemmer (>= 1.0.0)
    cloudfront-invalidator (0.1.2)
      ruby-hmac
    directory_watcher (1.4.0)
    fast-stemmer (1.0.0)
    i18n (0.6.0)
    jekyll (0.11.0)
      albino (>= 1.3.2)
      classifier (>= 1.3.1)
      directory_watcher (>= 1.1.1)
      kramdown (>= 0.13.2)
      liquid (>= 1.9.0)
      maruku (>= 0.5.9)
    kramdown (0.13.3)
    liquid (2.2.2)
    maruku (0.6.0)
      syntax (>= 1.0.0)
    posix-spawn (0.3.6)
    ruby-hmac (0.4.0)
    sass (3.1.7)
    slim (1.0.1)
      temple (~> 0.3.0)
      tilt (~> 1.2)
    syntax (1.0.0)
    temple (0.3.2)
    tilt (1.3.2)
    zencoder (2.3.1)
      activesupport
      i18n

PLATFORMS
  ruby

DEPENDENCIES
  cloudfront-invalidator
  jekyll
  sass
  slim
  zencoder
